GEM
  remote: http://rubygems.org/
  specs:
    appraisal (0.3.5)
      aruba (~> 0.3.6)
      bundler
      rake
    aruba (0.3.7)
      childprocess (>= 0.1.9)
      cucumber (>= 0.10.5)
      rspec (>= 2.6.0)
    aws-s3 (0.6.2)
      builder
      mime-types
      xml-simple
    builder (3.0.0)
    childprocess (0.1.9)
      ffi (~> 1.0.6)
    cocaine (0.1.0)
    cucumber (0.10.5)
      builder (>= 2.1.2)
      diff-lcs (>= 1.1.2)
      gherkin (~> 2.4.0)
      json (>= 1.4.6)
      term-ansicolor (>= 1.0.5)
    diff-lcs (1.1.2)
    excon (0.6.3)
    ffi (1.0.9)
    fog (0.8.2)
      builder
      excon (~> 0.6.1)
      formatador (>= 0.1.3)
      json
      mime-types
      net-ssh (>= 2.1.3)
      nokogiri (>= 1.4.4)
      ruby-hmac
    formatador (0.1.4)
    gherkin (2.4.0)
      json (>= 1.4.6)
    json (1.5.1)
    mime-types (1.16)
    mocha (0.9.12)
    net-ssh (2.1.4)
    nokogiri (1.4.4)
    rake (0.9.2)
    rspec (2.6.0)
      rspec-core (~> 2.6.0)
      rspec-expectations (~> 2.6.0)
      rspec-mocks (~> 2.6.0)
    rspec-core (2.6.4)
    rspec-expectations (2.6.0)
      diff-lcs (~> 1.1.2)
    rspec-mocks (2.6.0)
    ruby-hmac (0.4.0)
    shoulda (2.11.3)
    sqlite3 (1.3.3)
    sqlite3-ruby (1.3.3)
      sqlite3 (>= 1.3.3)
    term-ansicolor (1.0.5)
    xml-simple (1.0.16)

PLATFORMS
  ruby

DEPENDENCIES
  appraisal
  aws-s3
  bundler
  cocaine
  fog
  mocha
  rake
  shoulda
  sqlite3-ruby (~> 1.3.0)
